GIT
  remote: https://github.com/zena/property.git
  revision: 1eb8fa0dc2b7f733ba306bdd0bf59fd2ad17d013
  branch: 1.9.3
  specs:
    property (2.3.4)
      activerecord (~> 3.2)

GIT
  remote: https://github.com/zena/yamltest.git
  revision: 8a9a9d302848f33c959369d0ed94f8ae7d8df901
  branch: 1.9.3
  specs:
    yamltest (0.9.0)

GEM
  remote: https://rubygems.org/
  specs:
    activemodel (3.2.22.2)
      activesupport (= 3.2.22.2)
      builder (~> 3.0.0)
    activerecord (3.2.22.2)
      activemodel (= 3.2.22.2)
      activesupport (= 3.2.22.2)
      arel (~> 3.0.2)
      tzinfo (~> 0.3.29)
    activesupport (3.2.22.2)
      i18n (~> 0.6, >= 0.6.4)
      multi_json (~> 1.0)
    arel (3.0.3)
    builder (3.0.4)
    coderay (1.1.1)
    i18n (0.7.0)
    json (1.8.3)
    logger (1.2.8)
    method_source (0.8.2)
    multi_json (1.12.1)
    power_assert (0.3.0)
    pry (0.10.4)
      coderay (~> 1.1.0)
      method_source (~> 0.8.1)
      slop (~> 3.4)
    rake (10.4.2)
    rdoc (3.12)
      json (~> 1.4)
    shoulda (2.10.3)
    slop (3.6.0)
    sqlite3 (1.3.11)
    test-unit (3.1.8)
      power_assert
    tzinfo (0.3.51)
    yajl-ruby (1.2.1)

PLATFORMS
  ruby

DEPENDENCIES
  activerecord (= 3.2.22.2)
  logger
  property (= 2.3.4)!
  pry
  rake (= 10.4.2)
  rdoc (= 3.12)
  shoulda (= 2.10.3)
  sqlite3 (= 1.3.11)
  test-unit (= 3.1.8)
  yajl-ruby
  yamltest (= 0.9.0)!

BUNDLED WITH
   1.13.3
